GIT
  remote: https://gitlab.com/saltstack-formulas/infrastructure/inspec
  revision: a0c6295303f7d7a4d2a6164b5e77868560b04945
  branch: ssf
  specs:
    inspec (5.21.15)
      cookstyle
      faraday_middleware (>= 0.12.2, < 1.1)
      inspec-core (= 5.21.15)
      mongo (= 2.13.2)
      progress_bar (~> 1.3.3)
      rake
      roo (~> 2.9.0)
      roo-xls
      train (~> 3.10)
      train-aws (~> 0.2)
      train-habitat (~> 0.1)
      train-winrm (~> 0.2)
    inspec-core (5.21.15)
      addressable (~> 2.4)
      chef-telemetry (~> 1.0, >= 1.0.8)
      faraday (>= 1, < 3)
      faraday-follow_redirects (~> 0.3)
      hashie (>= 3.4, < 5.0)
      license-acceptance (>= 0.2.13, < 3.0)
      method_source (>= 0.8, < 2.0)
      mixlib-log (~> 3.0)
      multipart-post (~> 2.0)
      parallel (~> 1.9)
      parslet (>= 1.5, < 2.0)
      pry (~> 0.13)
      rspec (>= 3.9, <= 3.11)
      rspec-its (~> 1.2)
      rubyzip (>= 1.2.2, < 3.0)
      semverse (~> 3.0)
      sslshake (~> 1.2)
      thor (>= 0.20, < 2.0)
      tomlrb (>= 1.2, < 2.1)
      train-core (~> 3.10)
      tty-prompt (~> 0.17)
      tty-table (~> 0.10)

GIT
  remote: https://gitlab.com/saltstack-formulas/infrastructure/kitchen-docker
  revision: 104079a1d2fe34f5b076f4d316f6f837fa76e412
  branch: ssf
  specs:
    kitchen-docker (2.13.0)
      test-kitchen (>= 1.0.0)

GEM
  remote: https://rubygems.org/
  specs:
    activesupport (7.1.5.1)
      base64
      benchmark (>= 0.3)
      bigdecimal
      concurrent-ruby (~> 1.0, >= 1.0.2)
      connection_pool (>= 2.2.5)
      drb
      i18n (>= 1.6, < 2)
      logger (>= 1.4.2)
      minitest (>= 5.1)
      mutex_m
      securerandom (>= 0.3)
      tzinfo (~> 2.0)
    addressable (2.8.7)
      public_suffix (>= 2.0.2, < 7.0)
    ast (2.4.3)
    aws-eventstream (1.3.2)
    aws-partitions (1.863.0)
    aws-sdk-accessanalyzer (1.44.0)
      aws-sdk-core (~> 3, >= 3.188.0)
      aws-sigv4 (~> 1.1)
    aws-sdk-account (1.20.0)
      aws-sdk-core (~> 3, >= 3.188.0)
      aws-sigv4 (~> 1.1)
    aws-sdk-alexaforbusiness (1.67.0)
      aws-sdk-core (~> 3, >= 3.188.0)
      aws-sigv4 (~> 1.1)
    aws-sdk-amplify (1.54.0)
      aws-sdk-core (~> 3, >= 3.188.0)
      aws-sigv4 (~> 1.1)
    aws-sdk-apigateway (1.90.0)
      aws-sdk-core (~> 3, >= 3.188.0)
      aws-sigv4 (~> 1.1)
    aws-sdk-apigatewayv2 (1.53.0)
      aws-sdk-core (~> 3, >= 3.188.0)
      aws-sigv4 (~> 1.1)
    aws-sdk-applicationautoscaling (1.79.0)
      aws-sdk-core (~> 3, >= 3.188.0)
      aws-sigv4 (~> 1.1)
    aws-sdk-athena (1.79.0)
      aws-sdk-core (~> 3, >= 3.188.0)
      aws-sigv4 (~> 1.1)
    aws-sdk-autoscaling (1.102.0)
      aws-sdk-core (~> 3, >= 3.188.0)
      aws-sigv4 (~> 1.1)
    aws-sdk-batch (1.79.0)
      aws-sdk-core (~> 3, >= 3.188.0)
      aws-sigv4 (~> 1.1)
    aws-sdk-budgets (1.62.0)
      aws-sdk-core (~> 3, >= 3.188.0)
      aws-sigv4 (~> 1.1)
    aws-sdk-cloudformation (1.97.0)
      aws-sdk-core (~> 3, >= 3.188.0)
      aws-sigv4 (~> 1.1)
    aws-sdk-cloudfront (1.86.1)
      aws-sdk-core (~> 3, >= 3.188.0)
      aws-sigv4 (~> 1.1)
    aws-sdk-cloudhsm (1.50.0)
      aws-sdk-core (~> 3, >= 3.188.0)
      aws-sigv4 (~> 1.1)
    aws-sdk-cloudhsmv2 (1.53.0)
      aws-sdk-core (~> 3, >= 3.188.0)
      aws-sigv4 (~> 1.1)
    aws-sdk-cloudtrail (1.74.0)
      aws-sdk-core (~> 3, >= 3.188.0)
      aws-sigv4 (~> 1.1)
    aws-sdk-cloudwatch (1.83.0)
      aws-sdk-core (~> 3, >= 3.188.0)
      aws-sigv4 (~> 1.1)
    aws-sdk-cloudwatchevents (1.69.0)
      aws-sdk-core (~> 3, >= 3.188.0)
      aws-sigv4 (~> 1.1)
    aws-sdk-cloudwatchlogs (1.77.0)
      aws-sdk-core (~> 3, >= 3.188.0)
      aws-sigv4 (~> 1.1)
    aws-sdk-codecommit (1.62.0)
      aws-sdk-core (~> 3, >= 3.188.0)
      aws-sigv4 (~> 1.1)
    aws-sdk-codedeploy (1.62.0)
      aws-sdk-core (~> 3, >= 3.188.0)
      aws-sigv4 (~> 1.1)
    aws-sdk-codepipeline (1.67.0)
      aws-sdk-core (~> 3, >= 3.188.0)
      aws-sigv4 (~> 1.1)
    aws-sdk-cognitoidentity (1.51.0)
      aws-sdk-core (~> 3, >= 3.188.0)
      aws-sigv4 (~> 1.1)
    aws-sdk-cognitoidentityprovider (1.85.0)
      aws-sdk-core (~> 3, >= 3.188.0)
      aws-sigv4 (~> 1.1)
    aws-sdk-configservice (1.103.0)
      aws-sdk-core (~> 3, >= 3.188.0)
      aws-sigv4 (~> 1.1)
    aws-sdk-core (3.190.3)
      aws-eventstream (~> 1, >= 1.3.0)
      aws-partitions (~> 1, >= 1.651.0)
      aws-sigv4 (~> 1.8)
      jmespath (~> 1, >= 1.6.1)
    aws-sdk-costandusagereportservice (1.53.0)
      aws-sdk-core (~> 3, >= 3.188.0)
      aws-sigv4 (~> 1.1)
    aws-sdk-databasemigrationservice (1.91.0)
      aws-sdk-core (~> 3, >= 3.188.0)
      aws-sigv4 (~> 1.1)
    aws-sdk-dynamodb (1.98.0)
      aws-sdk-core (~> 3, >= 3.188.0)
      aws-sigv4 (~> 1.1)
    aws-sdk-ec2 (1.429.0)
      aws-sdk-core (~> 3, >= 3.188.0)
      aws-sigv4 (~> 1.1)
    aws-sdk-ecr (1.68.0)
      aws-sdk-core (~> 3, >= 3.188.0)
      aws-sigv4 (~> 1.1)
    aws-sdk-ecrpublic (1.25.0)
      aws-sdk-core (~> 3, >= 3.188.0)
      aws-sigv4 (~> 1.1)
    aws-sdk-ecs (1.135.0)
      aws-sdk-core (~> 3, >= 3.188.0)
      aws-sigv4 (~> 1.1)
    aws-sdk-efs (1.71.0)
      aws-sdk-core (~> 3, >= 3.188.0)
      aws-sigv4 (~> 1.1)
    aws-sdk-eks (1.95.0)
      aws-sdk-core (~> 3, >= 3.188.0)
      aws-sigv4 (~> 1.1)
    aws-sdk-elasticache (1.95.0)
      aws-sdk-core (~> 3, >= 3.188.0)
      aws-sigv4 (~> 1.1)
    aws-sdk-elasticbeanstalk (1.63.0)
      aws-sdk-core (~> 3, >= 3.188.0)
      aws-sigv4 (~> 1.1)
    aws-sdk-elasticloadbalancing (1.51.0)
      aws-sdk-core (~> 3, >= 3.188.0)
      aws-sigv4 (~> 1.1)
    aws-sdk-elasticloadbalancingv2 (1.96.0)
      aws-sdk-core (~> 3, >= 3.188.0)
      aws-sigv4 (~> 1.1)
    aws-sdk-elasticsearchservice (1.79.0)
      aws-sdk-core (~> 3, >= 3.188.0)
      aws-sigv4 (~> 1.1)
    aws-sdk-emr (1.81.0)
      aws-sdk-core (~> 3, >= 3.188.0)
      aws-sigv4 (~> 1.1)
    aws-sdk-eventbridge (1.54.0)
      aws-sdk-core (~> 3, >= 3.188.0)
      aws-sigv4 (~> 1.1)
    aws-sdk-firehose (1.60.0)
      aws-sdk-core (~> 3, >= 3.188.0)
      aws-sigv4 (~> 1.1)
    aws-sdk-glue (1.165.0)
      aws-sdk-core (~> 3, >= 3.188.0)
      aws-sigv4 (~> 1.1)
    aws-sdk-guardduty (1.85.0)
      aws-sdk-core (~> 3, >= 3.188.0)
      aws-sigv4 (~> 1.1)
    aws-sdk-iam (1.92.0)
      aws-sdk-core (~> 3, >= 3.188.0)
      aws-sigv4 (~> 1.1)
    aws-sdk-kafka (1.67.0)
      aws-sdk-core (~> 3, >= 3.188.0)
      aws-sigv4 (~> 1.1)
    aws-sdk-kinesis (1.54.0)
      aws-sdk-core (~> 3, >= 3.188.0)
      aws-sigv4 (~> 1.1)
    aws-sdk-kms (1.76.0)
      aws-sdk-core (~> 3, >= 3.188.0)
      aws-sigv4 (~> 1.1)
    aws-sdk-lambda (1.113.0)
      aws-sdk-core (~> 3, >= 3.188.0)
      aws-sigv4 (~> 1.1)
    aws-sdk-macie2 (1.64.0)
      aws-sdk-core (~> 3, >= 3.188.0)
      aws-sigv4 (~> 1.1)
    aws-sdk-mq (1.58.0)
      aws-sdk-core (~> 3, >= 3.188.0)
      aws-sigv4 (~> 1.1)
    aws-sdk-networkfirewall (1.39.0)
      aws-sdk-core (~> 3, >= 3.188.0)
      aws-sigv4 (~> 1.1)
    aws-sdk-networkmanager (1.40.0)
      aws-sdk-core (~> 3, >= 3.188.0)
      aws-sigv4 (~> 1.1)
    aws-sdk-organizations (1.83.0)
      aws-sdk-core (~> 3, >= 3.188.0)
      aws-sigv4 (~> 1.1)
    aws-sdk-ram (1.52.0)
      aws-sdk-core (~> 3, >= 3.188.0)
      aws-sigv4 (~> 1.1)
    aws-sdk-rds (1.208.0)
      aws-sdk-core (~> 3, >= 3.188.0)
      aws-sigv4 (~> 1.1)
    aws-sdk-redshift (1.107.0)
      aws-sdk-core (~> 3, >= 3.188.0)
      aws-sigv4 (~> 1.1)
    aws-sdk-route53 (1.83.0)
      aws-sdk-core (~> 3, >= 3.188.0)
      aws-sigv4 (~> 1.1)
    aws-sdk-route53domains (1.54.0)
      aws-sdk-core (~> 3, >= 3.188.0)
      aws-sigv4 (~> 1.1)
    aws-sdk-route53resolver (1.51.0)
      aws-sdk-core (~> 3, >= 3.188.0)
      aws-sigv4 (~> 1.1)
    aws-sdk-s3 (1.141.0)
      aws-sdk-core (~> 3, >= 3.189.0)
      aws-sdk-kms (~> 1)
      aws-sigv4 (~> 1.8)
    aws-sdk-s3control (1.74.0)
      aws-sdk-core (~> 3, >= 3.188.0)
      aws-sigv4 (~> 1.1)
    aws-sdk-secretsmanager (1.87.0)
      aws-sdk-core (~> 3, >= 3.188.0)
      aws-sigv4 (~> 1.1)
    aws-sdk-securityhub (1.98.0)
      aws-sdk-core (~> 3, >= 3.188.0)
      aws-sigv4 (~> 1.1)
    aws-sdk-servicecatalog (1.90.0)
      aws-sdk-core (~> 3, >= 3.188.0)
      aws-sigv4 (~> 1.1)
    aws-sdk-ses (1.58.0)
      aws-sdk-core (~> 3, >= 3.188.0)
      aws-sigv4 (~> 1.1)
    aws-sdk-shield (1.60.0)
      aws-sdk-core (~> 3, >= 3.188.0)
      aws-sigv4 (~> 1.1)
    aws-sdk-signer (1.50.0)
      aws-sdk-core (~> 3, >= 3.188.0)
      aws-sigv4 (~> 1.1)
    aws-sdk-simpledb (1.42.0)
      aws-sdk-core (~> 3, >= 3.188.0)
      aws-sigv2 (~> 1.0)
    aws-sdk-sms (1.52.0)
      aws-sdk-core (~> 3, >= 3.188.0)
      aws-sigv4 (~> 1.1)
    aws-sdk-sns (1.70.0)
      aws-sdk-core (~> 3, >= 3.188.0)
      aws-sigv4 (~> 1.1)
    aws-sdk-sqs (1.69.0)
      aws-sdk-core (~> 3, >= 3.188.0)
      aws-sigv4 (~> 1.1)
    aws-sdk-ssm (1.162.0)
      aws-sdk-core (~> 3, >= 3.188.0)
      aws-sigv4 (~> 1.1)
    aws-sdk-states (1.63.0)
      aws-sdk-core (~> 3, >= 3.188.0)
      aws-sigv4 (~> 1.1)
    aws-sdk-synthetics (1.39.0)
      aws-sdk-core (~> 3, >= 3.188.0)
      aws-sigv4 (~> 1.1)
    aws-sdk-transfer (1.86.0)
      aws-sdk-core (~> 3, >= 3.188.0)
      aws-sigv4 (~> 1.1)
    aws-sdk-waf (1.58.0)
      aws-sdk-core (~> 3, >= 3.188.0)
      aws-sigv4 (~> 1.1)
    aws-sdk-wafv2 (1.74.0)
      aws-sdk-core (~> 3, >= 3.188.0)
      aws-sigv4 (~> 1.1)
    aws-sigv2 (1.2.0)
    aws-sigv4 (1.11.0)
      aws-eventstream (~> 1, >= 1.0.2)
    azure_graph_rbac (0.17.2)
      ms_rest_azure (~> 0.12.0)
    azure_mgmt_key_vault (0.17.7)
      ms_rest_azure (~> 0.12.0)
    azure_mgmt_resources (0.18.2)
      ms_rest_azure (~> 0.12.0)
    azure_mgmt_security (0.19.0)
      ms_rest_azure (~> 0.12.0)
    azure_mgmt_storage (0.23.0)
      ms_rest_azure (~> 0.12.0)
    base64 (0.2.0)
    bcrypt_pbkdf (1.1.1)
    bcrypt_pbkdf (1.1.1-x64-mingw-ucrt)
    benchmark (0.4.0)
    bigdecimal (3.1.9)
    bson (4.15.0)
    builder (3.3.0)
    chef-config (18.7.6)
      addressable
      chef-utils (= 18.7.6)
      fuzzyurl
      mixlib-config (>= 2.2.12, < 4.0)
      mixlib-shellout (>= 2.0, < 4.0)
      tomlrb (~> 1.2)
    chef-gyoku (1.4.5)
      builder (>= 2.1.2)
      rexml (~> 3.4)
    chef-telemetry (1.1.1)
      chef-config
      concurrent-ruby (~> 1.0)
    chef-utils (18.7.6)
      concurrent-ruby
    chef-winrm (2.3.12)
      builder (>= 2.1.2)
      chef-gyoku (~> 1.4.0, <= 1.4.5)
      erubi (~> 1.8)
      ffi (>= 1.15.5, < 1.17.0)
      gssapi (~> 1.2)
      httpclient (~> 2.2, >= 2.2.0.2)
      logging (>= 1.6.1, < 3.0)
      nori (= 2.7.0)
      rexml (~> 3.3)
      rubyntlm (~> 0.6.0, >= 0.6.3)
    chef-winrm-elevated (1.2.5)
      chef-winrm (>= 2.3.11)
      chef-winrm-fs (>= 1.3.7)
      erubi (~> 1.8)
    chef-winrm-fs (1.3.7)
      chef-winrm (>= 2.3.11)
      erubi (>= 1.7)
      logging (>= 1.6.1, < 3.0)
      rubyzip (~> 2.0)
    coderay (1.1.3)
    concurrent-ruby (1.3.5)
    connection_pool (2.5.3)
    cookstyle (8.1.2)
      rubocop (= 1.75.5)
    declarative (0.0.20)
    diff-lcs (1.6.2)
    docker-api (2.4.0)
      excon (>= 0.64.0)
      multi_json
    domain_name (0.6.20240107)
    drb (2.2.1)
    ed25519 (1.4.0)
    erubi (1.13.1)
    excon (1.2.5)
      logger
    faraday (1.10.4)
      faraday-em_http (~> 1.0)
      faraday-em_synchrony (~> 1.0)
      faraday-excon (~> 1.1)
      faraday-httpclient (~> 1.0)
      faraday-multipart (~> 1.0)
      faraday-net_http (~> 1.0)
      faraday-net_http_persistent (~> 1.0)
      faraday-patron (~> 1.0)
      faraday-rack (~> 1.0)
      faraday-retry (~> 1.0)
      ruby2_keywords (>= 0.0.4)
    faraday-cookie_jar (0.0.7)
      faraday (>= 0.8.0)
      http-cookie (~> 1.0.0)
    faraday-em_http (1.0.0)
    faraday-em_synchrony (1.0.0)
    faraday-excon (1.1.0)
    faraday-follow_redirects (0.3.0)
      faraday (>= 1, < 3)
    faraday-httpclient (1.0.1)
    faraday-multipart (1.1.0)
      multipart-post (~> 2.0)
    faraday-net_http (1.0.2)
    faraday-net_http_persistent (1.2.0)
    faraday-patron (1.0.0)
    faraday-rack (1.0.0)
    faraday-retry (1.0.3)
    faraday_middleware (1.0.0)
      faraday (~> 1.0)
    ffi (1.16.3)
    ffi (1.16.3-x64-mingw-ucrt)
    ffi-win32-extensions (1.0.4)
      ffi
    fuzzyurl (0.9.0)
    google-apis-admin_directory_v1 (0.46.0)
      google-apis-core (>= 0.11.0, < 2.a)
    google-apis-cloudkms_v1 (0.41.0)
      google-apis-core (>= 0.11.0, < 2.a)
    google-apis-cloudresourcemanager_v1 (0.35.0)
      google-apis-core (>= 0.11.0, < 2.a)
    google-apis-compute_v1 (0.83.0)
      google-apis-core (>= 0.11.0, < 2.a)
    google-apis-core (0.11.3)
      addressable (~> 2.5, >= 2.5.1)
      googleauth (>= 0.16.2, < 2.a)
      httpclient (>= 2.8.1, < 3.a)
      mini_mime (~> 1.0)
      representable (~> 3.0)
      retriable (>= 2.0, < 4.a)
      rexml
    google-apis-iam_v1 (0.50.0)
      google-apis-core (>= 0.11.0, < 2.a)
    google-apis-monitoring_v3 (0.51.0)
      google-apis-core (>= 0.11.0, < 2.a)
    google-apis-storage_v1 (0.30.0)
      google-apis-core (>= 0.11.0, < 2.a)
    googleauth (1.8.1)
      faraday (>= 0.17.3, < 3.a)
      jwt (>= 1.4, < 3.0)
      multi_json (~> 1.11)
      os (>= 0.9, < 2.0)
      signet (>= 0.16, < 2.a)
    gssapi (1.3.1)
      ffi (>= 1.0.1)
    gyoku (1.4.0)
      builder (>= 2.1.2)
      rexml (~> 3.0)
    hashie (4.1.0)
    highline (3.1.2)
      reline
    http-cookie (1.0.8)
      domain_name (~> 0.5)
    httpclient (2.9.0)
      mutex_m
    i18n (1.14.7)
      concurrent-ruby (~> 1.0)
    inifile (3.0.0)
    io-console (0.8.0)
    jmespath (1.6.2)
    json (2.12.0)
    jwt (2.10.1)
      base64
    kitchen-inspec (3.0.0)
      hashie (>= 3.4, <= 5.0)
      inspec (>= 2.2.64, < 7.0)
      test-kitchen (>= 2.7, < 4)
    kitchen-salt (0.7.2)
      hashie (>= 3.5)
      test-kitchen (>= 1.4)
    language_server-protocol (3.17.0.5)
    license-acceptance (2.1.13)
      pastel (~> 0.7)
      tomlrb (>= 1.2, < 3.0)
      tty-box (~> 0.6)
      tty-prompt (~> 0.20)
    lint_roller (1.1.0)
    little-plugger (1.1.4)
    logger (1.7.0)
    logging (2.4.0)
      little-plugger (~> 1.1)
      multi_json (~> 1.14)
    method_source (1.1.0)
    mini_mime (1.1.5)
    mini_portile2 (2.8.9)
    minitest (5.25.5)
    mixlib-config (3.0.27)
      tomlrb
    mixlib-install (3.12.30)
      mixlib-shellout
      mixlib-versioning
      thor
    mixlib-log (3.2.3)
      ffi (>= 1.15.5)
    mixlib-shellout (3.3.9)
      chef-utils
    mixlib-shellout (3.3.9-x64-mingw-ucrt)
      chef-utils
      ffi-win32-extensions (~> 1.0.3)
      win32-process (~> 0.9)
      wmi-lite (~> 1.0)
    mixlib-versioning (1.2.12)
    mongo (2.13.2)
      bson (>= 4.8.2, < 5.0.0)
    ms_rest (0.7.6)
      concurrent-ruby (~> 1.0)
      faraday (>= 0.9, < 2.0.0)
      timeliness (~> 0.3.10)
    ms_rest_azure (0.12.0)
      concurrent-ruby (~> 1.0)
      faraday (>= 0.9, < 2.0.0)
      faraday-cookie_jar (~> 0.0.6)
      ms_rest (~> 0.7.6)
    multi_json (1.15.0)
    multipart-post (2.4.1)
    mutex_m (0.3.0)
    net-scp (4.1.0)
      net-ssh (>= 2.6.5, < 8.0.0)
    net-ssh (7.3.0)
    net-ssh-gateway (2.0.0)
      net-ssh (>= 4.0.0)
    nokogiri (1.18.9)
      mini_portile2 (~> 2.8.2)
      racc (~> 1.4)
    nokogiri (1.18.9-x64-mingw-ucrt)
      racc (~> 1.4)
    nori (2.7.0)
      bigdecimal
    options (2.3.2)
    os (1.1.4)
    parallel (1.27.0)
    parser (3.3.8.0)
      ast (~> 2.4.1)
      racc
    parslet (1.8.2)
    pastel (0.8.0)
      tty-color (~> 0.5)
    prism (1.4.0)
    progress_bar (1.3.4)
      highline (>= 1.6)
      options (~> 2.3.0)
    pry (0.15.2)
      coderay (~> 1.1)
      method_source (~> 1.0)
    public_suffix (6.0.2)
    racc (1.8.1)
    rainbow (3.1.1)
    rake (13.2.1)
    regexp_parser (2.10.0)
    reline (0.6.1)
      io-console (~> 0.5)
    representable (3.2.0)
      declarative (< 0.1.0)
      trailblazer-option (>= 0.1.1, < 0.2.0)
      uber (< 0.2.0)
    retriable (3.1.2)
    rexml (3.4.1)
    roo (2.9.0)
      nokogiri (~> 1)
      rubyzip (>= 1.3.0, < 3.0.0)
    roo-xls (1.2.0)
      nokogiri
      roo (>= 2.0.0, < 3)
      spreadsheet (> 0.9.0)
    rspec (3.11.0)
      rspec-core (~> 3.11.0)
      rspec-expectations (~> 3.11.0)
      rspec-mocks (~> 3.11.0)
    rspec-core (3.11.0)
      rspec-support (~> 3.11.0)
    rspec-expectations (3.11.1)
      diff-lcs (>= 1.2.0, < 2.0)
      rspec-support (~> 3.11.0)
    rspec-its (1.3.1)
      rspec-core (>= 3.0.0)
      rspec-expectations (>= 3.0.0)
    rspec-mocks (3.11.2)
      diff-lcs (>= 1.2.0, < 2.0)
      rspec-support (~> 3.11.0)
    rspec-support (3.11.1)
    rubocop (1.75.5)
      json (~> 2.3)
      language_server-protocol (~> 3.17.0.2)
      lint_roller (~> 1.1.0)
      parallel (~> 1.10)
      parser (>= 3.3.0.2)
      rainbow (>= 2.2.2, < 4.0)
      regexp_parser (>= 2.9.3, < 3.0)
      rubocop-ast (>= 1.44.0, < 2.0)
      ruby-progressbar (~> 1.7)
      unicode-display_width (>= 2.4.0, < 4.0)
    rubocop-ast (1.44.1)
      parser (>= 3.3.7.2)
      prism (~> 1.4)
    ruby-ole (1.2.13.1)
    ruby-progressbar (1.13.0)
    ruby2_keywords (0.0.5)
    rubyntlm (0.6.5)
      base64
    rubyzip (2.4.1)
    securerandom (0.4.1)
    semverse (3.0.2)
    signet (0.20.0)
      addressable (~> 2.8)
      faraday (>= 0.17.5, < 3.a)
      jwt (>= 1.5, < 3.0)
      multi_json (~> 1.10)
    spreadsheet (1.3.4)
      bigdecimal
      logger
      ruby-ole
    sslshake (1.3.1)
    strings (0.2.1)
      strings-ansi (~> 0.2)
      unicode-display_width (>= 1.5, < 3.0)
      unicode_utils (~> 1.4)
    strings-ansi (0.2.0)
    test-kitchen (3.7.0)
      bcrypt_pbkdf (~> 1.0)
      chef-utils (>= 16.4.35)
      ed25519 (~> 1.2)
      license-acceptance (>= 1.0.11, < 3.0)
      mixlib-install (~> 3.6)
      mixlib-shellout (>= 1.2, < 4.0)
      net-scp (>= 1.1, < 5.0)
      net-ssh (>= 2.9, < 8.0)
      net-ssh-gateway (>= 1.2, < 3.0)
      thor (>= 0.19, < 2.0)
      winrm (~> 2.0)
      winrm-elevated (~> 1.0)
      winrm-fs (~> 1.1)
    thor (1.4.0)
    timeliness (0.3.10)
    tomlrb (1.3.0)
    trailblazer-option (0.1.2)
    train (3.12.13)
      activesupport (>= 6.0.3.1, < 7.2.0)
      azure_graph_rbac (~> 0.16)
      azure_mgmt_key_vault (~> 0.17)
      azure_mgmt_resources (~> 0.15)
      azure_mgmt_security (~> 0.18)
      azure_mgmt_storage (~> 0.18)
      docker-api (>= 1.26, < 3.0)
      google-apis-admin_directory_v1 (~> 0.46.0)
      google-apis-cloudkms_v1 (~> 0.41.0)
      google-apis-cloudresourcemanager_v1 (~> 0.35.0)
      google-apis-compute_v1 (~> 0.83.0)
      google-apis-iam_v1 (~> 0.50.0)
      google-apis-monitoring_v3 (~> 0.51.0)
      google-apis-storage_v1 (~> 0.30.0)
      googleauth (>= 0.16.2, < 1.9.0)
      inifile (~> 3.0)
      train-core (= 3.12.13)
      train-winrm (~> 0.2.19)
    train-aws (0.2.41)
      aws-partitions (~> 1.863.0)
      aws-sdk-accessanalyzer (~> 1.44.0)
      aws-sdk-account (~> 1.20.0)
      aws-sdk-alexaforbusiness (~> 1.67.0)
      aws-sdk-amplify (~> 1.54.0)
      aws-sdk-apigateway (~> 1.90.0)
      aws-sdk-apigatewayv2 (~> 1.53.0)
      aws-sdk-applicationautoscaling (~> 1.79.0)
      aws-sdk-athena (>= 1.78, < 1.80)
      aws-sdk-autoscaling (= 1.102.0)
      aws-sdk-batch (~> 1.79.0)
      aws-sdk-budgets (~> 1.62.0)
      aws-sdk-cloudformation (>= 1.96, < 1.98)
      aws-sdk-cloudfront (~> 1.86.0)
      aws-sdk-cloudhsm (~> 1.50.0)
      aws-sdk-cloudhsmv2 (~> 1.53.0)
      aws-sdk-cloudtrail (~> 1.74.0)
      aws-sdk-cloudwatch (~> 1.83.0)
      aws-sdk-cloudwatchevents (~> 1.69.0)
      aws-sdk-cloudwatchlogs (~> 1.75)
      aws-sdk-codecommit (~> 1.62.0)
      aws-sdk-codedeploy (~> 1.62.0)
      aws-sdk-codepipeline (~> 1.67.0)
      aws-sdk-cognitoidentity (~> 1.51.0)
      aws-sdk-cognitoidentityprovider (~> 1.84)
      aws-sdk-configservice (~> 1.103.0)
      aws-sdk-core (~> 3.190.0)
      aws-sdk-costandusagereportservice (~> 1.53.0)
      aws-sdk-databasemigrationservice (~> 1.91.0)
      aws-sdk-dynamodb (~> 1.98.0)
      aws-sdk-ec2 (>= 1.427, < 1.430)
      aws-sdk-ecr (~> 1.68.0)
      aws-sdk-ecrpublic (~> 1.25.0)
      aws-sdk-ecs (~> 1.135.0)
      aws-sdk-efs (~> 1.71.0)
      aws-sdk-eks (~> 1.95.0)
      aws-sdk-elasticache (~> 1.95.0)
      aws-sdk-elasticbeanstalk (~> 1.63.0)
      aws-sdk-elasticloadbalancing (~> 1.51.0)
      aws-sdk-elasticloadbalancingv2 (~> 1.96.0)
      aws-sdk-elasticsearchservice (~> 1.79.0)
      aws-sdk-emr (~> 1.81.0)
      aws-sdk-eventbridge (~> 1.54.0)
      aws-sdk-firehose (~> 1.60.0)
      aws-sdk-glue (~> 1.164)
      aws-sdk-guardduty (~> 1.85.0)
      aws-sdk-iam (~> 1.92.0)
      aws-sdk-kafka (~> 1.67.0)
      aws-sdk-kinesis (~> 1.54.0)
      aws-sdk-kms (~> 1.74)
      aws-sdk-lambda (~> 1.113.0)
      aws-sdk-macie2 (~> 1.64.0)
      aws-sdk-mq (~> 1.58.0)
      aws-sdk-networkfirewall (~> 1.39.0)
      aws-sdk-networkmanager (~> 1.40.0)
      aws-sdk-organizations (~> 1.83.0)
      aws-sdk-ram (~> 1.52.0)
      aws-sdk-rds (~> 1.208.0)
      aws-sdk-redshift (~> 1.107.0)
      aws-sdk-route53 (~> 1.83.0)
      aws-sdk-route53domains (~> 1.54.0)
      aws-sdk-route53resolver (~> 1.51.0)
      aws-sdk-s3 (~> 1.141.0)
      aws-sdk-s3control (~> 1.74.0)
      aws-sdk-secretsmanager (~> 1.87.0)
      aws-sdk-securityhub (~> 1.98.0)
      aws-sdk-servicecatalog (~> 1.90.0)
      aws-sdk-ses (~> 1.58.0)
      aws-sdk-shield (~> 1.60.0)
      aws-sdk-signer (~> 1.50.0)
      aws-sdk-simpledb (~> 1.42.0)
      aws-sdk-sms (~> 1.52.0)
      aws-sdk-sns (~> 1.70.0)
      aws-sdk-sqs (~> 1.69.0)
      aws-sdk-ssm (~> 1.162.0)
      aws-sdk-states (~> 1.63.0)
      aws-sdk-synthetics (~> 1.39.0)
      aws-sdk-transfer (~> 1.86.0)
      aws-sdk-waf (~> 1.58.0)
      aws-sdk-wafv2 (~> 1.74.0)
    train-core (3.12.13)
      addressable (~> 2.5)
      ffi (!= 1.13.0)
      json (>= 1.8, < 3.0)
      mixlib-shellout (>= 2.0, < 4.0)
      net-scp (>= 1.2, < 5.0)
      net-ssh (>= 2.9, < 8.0)
    train-habitat (0.2.22)
    train-winrm (0.2.19)
      chef-winrm (~> 2.3.12)
      chef-winrm-elevated (~> 1.2.5)
      chef-winrm-fs (~> 1.3.7)
    tty-box (0.7.0)
      pastel (~> 0.8)
      strings (~> 0.2.0)
      tty-cursor (~> 0.7)
    tty-color (0.6.0)
    tty-cursor (0.7.1)
    tty-prompt (0.23.1)
      pastel (~> 0.8)
      tty-reader (~> 0.8)
    tty-reader (0.9.0)
      tty-cursor (~> 0.7)
      tty-screen (~> 0.8)
      wisper (~> 2.0)
    tty-screen (0.8.2)
    tty-table (0.12.0)
      pastel (~> 0.8)
      strings (~> 0.2.0)
      tty-screen (~> 0.8)
    tzinfo (2.0.6)
      concurrent-ruby (~> 1.0)
    uber (0.1.0)
    unicode-display_width (2.6.0)
    unicode_utils (1.4.0)
    win32-process (0.10.0)
      ffi (>= 1.0.0)
    winrm (2.3.8)
      builder (>= 2.1.2)
      erubi (~> 1.8)
      gssapi (~> 1.2)
      gyoku (~> 1.0)
      httpclient (~> 2.2, >= 2.2.0.2)
      logging (>= 1.6.1, < 3.0)
      nori (~> 2.0)
      rexml (~> 3.0)
      rubyntlm (~> 0.6.0, >= 0.6.3)
    winrm-elevated (1.2.3)
      erubi (~> 1.8)
      winrm (~> 2.0)
      winrm-fs (~> 1.0)
    winrm-fs (1.3.5)
      erubi (~> 1.8)
      logging (>= 1.6.1, < 3.0)
      rubyzip (~> 2.0)
      winrm (~> 2.0)
    wisper (2.0.1)
    wmi-lite (1.0.7)

PLATFORMS
  ruby
  x64-mingw-ucrt

DEPENDENCIES
  inspec!
  kitchen-docker!
  kitchen-inspec (= 3.0.0)
  kitchen-salt (= 0.7.2)
  net-ssh (>= 7.0.0)
  test-kitchen (= 3.7.0)

BUNDLED WITH
   2.3.7
